GIT
  remote: git://github.com/justinfrench/formtastic.git
  revision: 48c9fc2f84f538e75ee8d5fd947a6a2182529626
  branch: 2.3-stable
  specs:
    formtastic (2.3.0.rc2)
      actionpack (>= 3.0)

GIT
  remote: git://github.com/thoughtbot/shoulda-matchers.git
  revision: 2e89471d070c441a4269b7f649ba511740135007
  specs:
    shoulda-matchers (2.5.0)
      activesupport (>= 3.0.0)

GIT
  remote: git://github.com/thoughtbot/shoulda.git
  revision: ed9a0cce4e01e1eac1798a5479ac95d059f9ecae
  specs:
    shoulda (3.5.0)
      shoulda-context (~> 1.0, >= 1.0.1)
      shoulda-matchers (>= 1.4.1, < 3.0)

GEM
  remote: http://rubygems.org/
  specs:
    actionmailer (4.0.2)
      actionpack (= 4.0.2)
      mail (~> 2.5.4)
    actionpack (4.0.2)
      activesupport (= 4.0.2)
      builder (~> 3.1.0)
      erubis (~> 2.7.0)
      rack (~> 1.5.2)
      rack-test (~> 0.6.2)
    activemodel (4.0.2)
      activesupport (= 4.0.2)
      builder (~> 3.1.0)
    activerecord (4.0.2)
      activemodel (= 4.0.2)
      activerecord-deprecated_finders (~> 1.0.2)
      activesupport (= 4.0.2)
      arel (~> 4.0.0)
    activerecord-deprecated_finders (1.0.3)
    activesupport (4.0.2)
      i18n (~> 0.6, >= 0.6.4)
      minitest (~> 4.2)
      multi_json (~> 1.3)
      thread_safe (~> 0.1)
      tzinfo (~> 0.3.37)
    annotate (2.6.1)
      activerecord (>= 2.3.0)
      rake (>= 0.8.7)
    ansi (1.4.3)
    arel (4.0.1)
    atomic (1.1.14)
    bcrypt-ruby (3.1.2)
    builder (3.1.4)
    capistrano (3.1.0)
      i18n
      rake (>= 10.0.0)
      sshkit (~> 1.3)
    capistrano-bundler (1.1.1)
      capistrano (~> 3.0)
      sshkit (>= 1.2.0)
    capistrano-rails (1.1.1)
      capistrano (~> 3.1)
      capistrano-bundler (~> 1.1)
    capistrano-rvm (0.1.1)
      capistrano (~> 3.0)
      sshkit (~> 1.2)
    codeclimate-test-reporter (0.3.0)
      simplecov (>= 0.7.1, < 1.0.0)
    coffee-rails (4.0.1)
      coffee-script (>= 2.2.0)
      railties (>= 4.0.0, < 5.0)
    coffee-script (2.2.0)
      coffee-script-source
      execjs
    coffee-script-source (1.6.3)
    countries (0.9.3)
      currencies (~> 0.4.2)
    country_select (1.2.0)
    currencies (0.4.2)
    database_cleaner (1.2.0)
    diff-lcs (1.2.5)
    docile (1.1.2)
    erubis (2.7.0)
    execjs (2.0.2)
    factory_girl (4.3.0)
      activesupport (>= 3.0.0)
    factory_girl_rails (4.3.0)
      factory_girl (~> 4.3.0)
      railties (>= 3.0.0)
    faker (1.2.0)
      i18n (~> 0.5)
    hashie (2.0.5)
    hike (1.2.3)
    i18n (0.6.9)
    jquery-rails (3.0.4)
      railties (>= 3.0, < 5.0)
      thor (>= 0.14, < 2.0)
    jquery-ui-rails (4.1.1)
      railties (>= 3.1.0)
    json (1.8.1)
    kaminari (0.15.1)
      actionpack (>= 3.0.0)
      activesupport (>= 3.0.0)
    kgio (2.8.1)
    libv8 (3.16.14.3)
    mail (2.5.4)
      mime-types (~> 1.16)
      treetop (~> 1.4.8)
    mime-types (1.25.1)
    minitest (4.7.5)
    minitest-reporters (0.14.24)
      ansi
      builder
      minitest (>= 2.12, < 5.0)
      powerbar
    multi_json (1.8.4)
    net-scp (1.1.2)
      net-ssh (>= 2.6.5)
    net-ssh (2.7.0)
    paper_trail (3.0.0)
      activerecord (>= 3.0, < 5.0)
      activesupport (>= 3.0, < 5.0)
    pg (0.17.1)
    pg_search (0.7.2)
      activerecord (>= 3.1)
      activesupport (>= 3.1)
      arel
    polyamorous (0.6.4)
      activerecord (>= 3.0)
    polyglot (0.3.3)
    powerbar (1.0.11)
      ansi (~> 1.4.0)
      hashie (>= 1.1.0)
    rack (1.5.2)
    rack-test (0.6.2)
      rack (>= 1.0)
    rails (4.0.2)
      actionmailer (= 4.0.2)
      actionpack (= 4.0.2)
      activerecord (= 4.0.2)
      activesupport (= 4.0.2)
      bundler (>= 1.3.0, < 2.0)
      railties (= 4.0.2)
      sprockets-rails (~> 2.0.0)
    railties (4.0.2)
      actionpack (= 4.0.2)
      activesupport (= 4.0.2)
      rake (>= 0.8.7)
      thor (>= 0.18.1, < 2.0)
    raindrops (0.12.0)
    rake (10.1.1)
    ransack (1.1.0)
      actionpack (>= 3.0)
      activerecord (>= 3.0)
      polyamorous (~> 0.6.0)
    rb-fsevent (0.9.4)
    redcarpet (3.0.0)
    ref (1.0.5)
    rspec-core (2.14.7)
    rspec-expectations (2.14.4)
      diff-lcs (>= 1.1.3, < 2.0)
    rspec-mocks (2.14.4)
    rspec-rails (2.14.1)
      actionpack (>= 3.0)
      activemodel (>= 3.0)
      activesupport (>= 3.0)
      railties (>= 3.0)
      rspec-core (~> 2.14.0)
      rspec-expectations (~> 2.14.0)
      rspec-mocks (~> 2.14.0)
    sass (3.2.13)
    sass-rails (4.0.1)
      railties (>= 4.0.0, < 5.0)
      sass (>= 3.1.10)
      sprockets-rails (~> 2.0.0)
    shoulda-context (1.1.6)
    simplecov (0.8.2)
      docile (~> 1.1.0)
      multi_json
      simplecov-html (~> 0.8.0)
    simplecov-html (0.8.0)
    slim (2.0.2)
      temple (~> 0.6.6)
      tilt (>= 1.3.3, < 2.1)
    sprockets (2.10.1)
      hike (~> 1.2)
      multi_json (~> 1.0)
      rack (~> 1.0)
      tilt (~> 1.1, != 1.3.0)
    sprockets-rails (2.0.1)
      actionpack (>= 3.0)
      activesupport (>= 3.0)
      sprockets (~> 2.8)
    sqlite3 (1.3.8)
    squeel (1.1.1)
      activerecord (>= 3.0)
      activesupport (>= 3.0)
      polyamorous (~> 0.6.0)
    sshkit (1.3.0)
      net-scp (>= 1.1.2)
      net-ssh
      term-ansicolor
    temple (0.6.7)
    term-ansicolor (1.2.2)
      tins (~> 0.8)
    therubyracer (0.12.0)
      libv8 (~> 3.16.14.0)
      ref
    thor (0.18.1)
    thread_safe (0.1.3)
      atomic
    tilt (1.4.1)
    tins (0.13.1)
    treetop (1.4.15)
      polyglot
      polyglot (>= 0.3.1)
    tzinfo (0.3.38)
    uglifier (2.4.0)
      execjs (>= 0.3.0)
      json (>= 1.8.0)
    unicorn (4.8.0)
      kgio (~> 2.6)
      rack
      raindrops (~> 0.7)
    yaml_db (0.2.3)

PLATFORMS
  ruby

DEPENDENCIES
  annotate
  bcrypt-ruby
  capistrano-rails
  capistrano-rvm
  codeclimate-test-reporter
  coffee-rails
  countries
  country_select
  database_cleaner
  factory_girl_rails
  faker
  formtastic!
  jquery-rails
  jquery-ui-rails
  kaminari
  minitest-reporters
  paper_trail (>= 3.0.0.beta1)
  pg
  pg_search
  rails (~> 4.0)
  ransack
  rb-fsevent
  redcarpet
  rspec-rails
  sass-rails
  shoulda!
  shoulda-matchers!
  simplecov
  simplecov-html
  slim
  sqlite3
  squeel
  sshkit
  therubyracer (~> 0.12)
  uglifier
  unicorn
  yaml_db
