GIT
  remote: git://github.com/rails-sqlserver/tiny_tds.git
  revision: ed4e43ec2598fc7879359f53b6d941b9e92234bc
  specs:
    tiny_tds (0.6.3)

GEM
  remote: http://rubygems.org/
  specs:
    actionmailer (4.2.1)
      actionpack (= 4.2.1)
      actionview (= 4.2.1)
      activejob (= 4.2.1)
      mail (~> 2.5, >= 2.5.4)
      rails-dom-testing (~> 1.0, >= 1.0.5)
    actionpack (4.2.1)
      actionview (= 4.2.1)
      activesupport (= 4.2.1)
      rack (~> 1.6)
      rack-test (~> 0.6.2)
      rails-dom-testing (~> 1.0, >= 1.0.5)
      rails-html-sanitizer (~> 1.0, >= 1.0.1)
    actionview (4.2.1)
      activesupport (= 4.2.1)
      builder (~> 3.1)
      erubis (~> 2.7.0)
      rails-dom-testing (~> 1.0, >= 1.0.5)
      rails-html-sanitizer (~> 1.0, >= 1.0.1)
    activejob (4.2.1)
      activesupport (= 4.2.1)
      globalid (>= 0.3.0)
    activemodel (4.2.1)
      activesupport (= 4.2.1)
      builder (~> 3.1)
    activerecord (4.2.1)
      activemodel (= 4.2.1)
      activesupport (= 4.2.1)
      arel (~> 6.0)
    activerecord-sqlserver-adapter (4.2.4)
      activerecord (~> 4.2.1)
    activesupport (4.2.1)
      i18n (~> 0.7)
      json (~> 1.7, >= 1.7.7)
      minitest (~> 5.1)
      thread_safe (~> 0.3, >= 0.3.4)
      tzinfo (~> 1.1)
    acts-as-taggable-on (3.4.4)
      activerecord (>= 3.2, < 5)
    annotate (2.6.8)
      activerecord (>= 3.2, <= 4.3)
      rake (~> 10.4)
    ansi (1.5.0)
    arel (6.0.0)
    autoprefixer-rails (5.1.7.1)
      execjs
      json
    bcrypt (3.1.10)
    bcrypt-ruby (3.1.5)
      bcrypt (>= 3.1.3)
    bootstrap-sass (3.3.4.1)
      autoprefixer-rails (>= 5.0.0.1)
      sass (>= 3.2.19)
    bootstrap3-datetimepicker-rails (4.0.0)
      momentjs-rails (>= 2.8.1)
    builder (3.2.2)
    capistrano (3.4.0)
      i18n
      rake (>= 10.0.0)
      sshkit (~> 1.3)
    capistrano-bundler (1.1.4)
      capistrano (~> 3.1)
      sshkit (~> 1.2)
    capistrano-rails (1.1.2)
      capistrano (~> 3.1)
      capistrano-bundler (~> 1.1)
    capistrano-rvm (0.1.2)
      capistrano (~> 3.0)
      sshkit (~> 1.2)
    capistrano-safe-deploy-to (1.1.1)
      capistrano (>= 3.0)
    codeclimate-test-reporter (0.4.7)
      simplecov (>= 0.7.1, < 1.0.0)
    coffee-rails (4.1.0)
      coffee-script (>= 2.2.0)
      railties (>= 4.0.0, < 5.0)
    coffee-script (2.3.0)
      coffee-script-source
      execjs
    coffee-script-source (1.9.1)
    colorize (0.7.5)
    countries (0.9.3)
      currencies (~> 0.4.2)
    country_select (2.1.1)
      countries (>= 0.9.3, < 0.10.0)
    currencies (0.4.2)
    database_cleaner (1.4.1)
    diff-lcs (1.2.5)
    docile (1.1.5)
    erubis (2.7.0)
    execjs (2.4.0)
    factory_girl (4.5.0)
      activesupport (>= 3.0.0)
    factory_girl_rails (4.5.0)
      factory_girl (~> 4.5.0)
      railties (>= 3.0.0)
    faker (1.4.3)
      i18n (~> 0.5)
    formtastic (3.1.3)
      actionpack (>= 3.2.13)
    globalid (0.3.3)
      activesupport (>= 4.1.0)
    hike (1.2.3)
    i18n (0.7.0)
    jasmine (2.2.0)
      jasmine-core (~> 2.2)
      phantomjs
      rack (>= 1.2.1)
      rake
    jasmine-core (2.2.0)
    jbuilder (2.2.12)
      activesupport (>= 3.0.0, < 5)
      multi_json (~> 1.2)
    jquery-rails (4.0.3)
      rails-dom-testing (~> 1.0)
      railties (>= 4.2.0)
      thor (>= 0.14, < 2.0)
    jquery-ui-rails (5.0.3)
      railties (>= 3.2.16)
    json (1.8.2)
    kaminari (0.16.3)
      actionpack (>= 3.0.0)
      activesupport (>= 3.0.0)
    kgio (2.9.3)
    libv8 (3.16.14.7)
    loofah (2.0.1)
      nokogiri (>= 1.5.9)
    mail (2.6.3)
      mime-types (>= 1.16, < 3)
    metaclass (0.0.4)
    mime-types (2.4.3)
    mini_portile (0.6.2)
    minitest (5.5.1)
    minitest-reporters (1.0.11)
      ansi
      builder
      minitest (>= 5.0)
      ruby-progressbar
    mocha (1.1.0)
      metaclass (~> 0.0.1)
    momentjs-rails (2.10.2)
      railties (>= 3.1)
    multi_json (1.11.0)
    net-scp (1.2.1)
      net-ssh (>= 2.6.5)
    net-ssh (2.9.2)
    nokogiri (1.6.6.2)
      mini_portile (~> 0.6.0)
    paper_trail (4.0.0.beta2)
      activerecord (>= 3.0, < 6.0)
      activesupport (>= 3.0, < 6.0)
    pg (0.18.1)
    pg_search (0.7.9)
      activerecord (>= 3.1)
      activesupport (>= 3.1)
      arel
    phantomjs (1.9.8.0)
    polyamorous (1.1.0)
      activerecord (>= 3.0)
    rack (1.6.0)
    rack-test (0.6.3)
      rack (>= 1.0)
    rails (4.2.1)
      actionmailer (= 4.2.1)
      actionpack (= 4.2.1)
      actionview (= 4.2.1)
      activejob (= 4.2.1)
      activemodel (= 4.2.1)
      activerecord (= 4.2.1)
      activesupport (= 4.2.1)
      bundler (>= 1.3.0, < 2.0)
      railties (= 4.2.1)
      sprockets-rails
    rails-deprecated_sanitizer (1.0.3)
      activesupport (>= 4.2.0.alpha)
    rails-dom-testing (1.0.6)
      activesupport (>= 4.2.0.beta, < 5.0)
      nokogiri (~> 1.6.0)
      rails-deprecated_sanitizer (>= 1.0.1)
    rails-html-sanitizer (1.0.2)
      loofah (~> 2.0)
    railties (4.2.1)
      actionpack (= 4.2.1)
      activesupport (= 4.2.1)
      rake (>= 0.8.7)
      thor (>= 0.18.1, < 2.0)
    raindrops (0.13.0)
    rake (10.4.2)
    ransack (1.6.4)
      actionpack (>= 3.0)
      activerecord (>= 3.0)
      activesupport (>= 3.0)
      i18n
      polyamorous (~> 1.1)
    rb-fsevent (0.9.4)
    redcarpet (3.2.2)
    ref (1.0.5)
    responders (2.1.0)
      railties (>= 4.2.0, < 5)
    rspec-core (3.2.2)
      rspec-support (~> 3.2.0)
    rspec-expectations (3.2.0)
      diff-lcs (>= 1.2.0, < 2.0)
      rspec-support (~> 3.2.0)
    rspec-mocks (3.2.1)
      diff-lcs (>= 1.2.0, < 2.0)
      rspec-support (~> 3.2.0)
    rspec-rails (3.2.1)
      actionpack (>= 3.0, < 4.3)
      activesupport (>= 3.0, < 4.3)
      railties (>= 3.0, < 4.3)
      rspec-core (~> 3.2.0)
      rspec-expectations (~> 3.2.0)
      rspec-mocks (~> 3.2.0)
      rspec-support (~> 3.2.0)
    rspec-support (3.2.2)
    ruby-progressbar (1.7.4)
    sass (3.4.13)
    sass-rails (5.0.1)
      railties (>= 4.0.0, < 5.0)
      sass (~> 3.1)
      sprockets (>= 2.8, < 4.0)
      sprockets-rails (>= 2.0, < 4.0)
      tilt (~> 1.1)
    shoulda (3.5.0)
      shoulda-context (~> 1.0, >= 1.0.1)
      shoulda-matchers (>= 1.4.1, < 3.0)
    shoulda-context (1.2.1)
    shoulda-matchers (2.8.0)
      activesupport (>= 3.0.0)
    simple_form (3.1.0)
      actionpack (~> 4.0)
      activemodel (~> 4.0)
    simplecov (0.9.2)
      docile (~> 1.1.0)
      multi_json (~> 1.0)
      simplecov-html (~> 0.9.0)
    simplecov-html (0.9.0)
    slim (3.0.3)
      temple (~> 0.7.3)
      tilt (>= 1.3.3, < 2.1)
    sprockets (2.12.3)
      hike (~> 1.2)
      multi_json (~> 1.0)
      rack (~> 1.0)
      tilt (~> 1.1, != 1.3.0)
    sprockets-rails (2.2.4)
      actionpack (>= 3.0)
      activesupport (>= 3.0)
      sprockets (>= 2.8, < 4.0)
    sqlite3 (1.3.10)
    squeel (1.2.3)
      activerecord (>= 3.0)
      activesupport (>= 3.0)
      polyamorous (~> 1.1.0)
    sshkit (1.6.1)
      colorize (>= 0.7.0)
      net-scp (>= 1.1.2)
      net-ssh (>= 2.8.0)
    temple (0.7.5)
    therubyracer (0.12.1)
      libv8 (~> 3.16.14.0)
      ref
    thor (0.19.1)
    thread_safe (0.3.5)
    tilt (1.4.1)
    tzinfo (1.2.2)
      thread_safe (~> 0.1)
    uglifier (2.7.1)
      execjs (>= 0.3.0)
      json (>= 1.8.0)
    unicorn (4.8.3)
      kgio (~> 2.6)
      rack
      raindrops (~> 0.7)
    yaml_db (0.3.0)
      rails (>= 3.0, < 4.3)
      rake (>= 0.8.7)

PLATFORMS
  ruby

DEPENDENCIES
  activerecord-sqlserver-adapter
  acts-as-taggable-on (~> 3.4.4)
  annotate
  bcrypt-ruby (~> 3.1.5)
  bootstrap-sass (~> 3.3.4)
  bootstrap3-datetimepicker-rails (~> 4.0.0)
  capistrano-rails (~> 1.1.2)
  capistrano-rvm (~> 0.1.2)
  capistrano-safe-deploy-to (~> 1.1.1)
  codeclimate-test-reporter
  coffee-rails (~> 4.1.0)
  countries (~> 0.9.3)
  country_select (~> 2.1.1)
  database_cleaner
  factory_girl_rails
  faker
  formtastic (~> 3.1.3)
  jasmine
  jbuilder (~> 2.2.8)
  jquery-rails (~> 4.0.3)
  jquery-ui-rails (~> 5.0.3)
  kaminari (~> 0.16.3)
  minitest-reporters
  mocha
  momentjs-rails (>= 2.8.1)
  paper_trail (>= 4.0.0.beta1)
  pg (~> 0.18.1)
  pg_search (~> 0.7.9)
  rails (~> 4.2.0)
  ransack (~> 1.6.3)
  rb-fsevent
  redcarpet (~> 3.2.2)
  responders (~> 2.1.0)
  rspec-rails
  sass (~> 3.4.12)
  sass-rails (~> 5.0.1)
  shoulda
  shoulda-matchers
  simple_form (~> 3.1.0)
  simplecov
  simplecov-html
  slim (~> 3.0.2)
  sqlite3
  squeel (~> 1.2.3)
  sshkit (~> 1.6.1)
  therubyracer (~> 0.12)
  tiny_tds!
  uglifier (~> 2.7.0)
  unicorn
  yaml_db (~> 0.3.0)
