GEM
  remote: http://rubygems.org/
  specs:
    mime-types (1.25.1)
    pg (1.0.0)
    rack (2.0.5)
    rest-client (1.6.9)
      mime-types (~> 1.16)
    sequel (3.20.0)
    sinatra (1.0)
      rack (>= 1.0)
    sqlite3 (1.3.13)
    taps (0.3.24)
      rack (>= 1.0.1)
      rest-client (>= 1.4.0, < 1.7.0)
      sequel (~> 3.20.0)
      sinatra (~> 1.0.0)

PLATFORMS
  ruby

DEPENDENCIES
  pg
  rack (>= 1.0.1)
  sqlite3
  taps

RUBY VERSION
   ruby 2.3.7p456

BUNDLED WITH
   1.16.1
